GEM
  remote: http://rubygems.org/
  specs:
    chunky_png (1.2.5)
    compass (0.11.5)
      chunky_png (~> 1.2)
      fssm (>= 0.2.7)
      sass (~> 3.1)
    compass-susy-plugin (0.9)
      compass (>= 0.11.1)
    fssm (0.2.7)
    rake (0.9.2.2)
    sass (3.1.12)

PLATFORMS
  ruby

DEPENDENCIES
  compass
  compass-susy-plugin
  rake
